PATH
  remote: .
  specs:
    molten_core (0.0.6)

GEM
  remote: https://rubygems.org/
  specs:

PLATFORMS
  ruby

DEPENDENCIES
  molten_core!
